STORAGE: NONE
RESTRICTION: || (== net5.0) (== netstandard2.0) (== netstandard2.1)
NUGET
  remote: https://api.nuget.org/v3/index.json
    CommandLineParser.FSharp (2.8)
      FSharp.Core (>= 4.5.1)
    FSharp.Core (6.0.4) - content: none
    Suave (2.6.2)
      FSharp.Core  - restriction: || (== net5.0) (&& (== netstandard2.0) (>= netstandard2.1)) (== netstandard2.1)
